GEM
  remote: http://rubygems.org/
  specs:
    backports (2.5.0)
    daemons (1.1.8)
    eventmachine (0.12.10)
    haml (3.1.2)
    monkey-lib (0.5.4)
      backports
    rack (1.4.1)
    rdiscount (1.6.8)
    sass (3.1.7)
    sinatra (1.2.6)
      rack (~> 1.1)
      tilt (>= 1.2.2, < 2.0)
    sinatra-advanced-routes (0.5.1)
      monkey-lib (~> 0.5.0)
      sinatra (~> 1.0)
      sinatra-sugar (~> 0.5.0)
    sinatra-reloader (0.5.0)
      sinatra (~> 1.0)
      sinatra-advanced-routes (~> 0.5.0)
    sinatra-sugar (0.5.1)
      monkey-lib (~> 0.5.0)
      sinatra (~> 1.0)
    thin (1.2.11)
      daemons (>= 1.0.9)
      eventmachine (>= 0.12.6)
      rack (>= 1.0.0)
    tilt (1.3.3)

PLATFORMS
  ruby

DEPENDENCIES
  haml (= 3.1.2)
  rdiscount (~> 1.6.8)
  sass (= 3.1.7)
  sinatra (= 1.2.6)
  sinatra-reloader (= 0.5.0)
  thin (= 1.2.11)
